GIT
  remote: https://github.com/imathis/guard-jekyll-plus
  revision: a847946d461198260d854f58f5b6a851f7063e6f
  branch: master
  specs:
    guard-jekyll-plus (1.4.10)
      guard (~> 1.8.3)
      jekyll (>= 1.0.0)

GEM
  remote: http://rubygems.org/
  specs:
    blankslate (2.1.2.4)
    chunky_png (1.3.1)
    classifier (1.3.4)
      fast-stemmer (>= 1.0.0)
    coderay (1.1.0)
    colorator (0.1)
    commander (4.1.6)
      highline (~> 1.6.11)
    compass (0.12.6)
      chunky_png (~> 1.2)
      fssm (>= 0.2.7)
      sass (~> 3.2.19)
    fast-stemmer (1.0.2)
    ffi (1.9.3)
    ffi (1.9.3-x86-mingw32)
    formatador (0.2.5)
    fssm (0.2.10)
    guard (1.8.3)
      formatador (>= 0.2.4)
      listen (~> 1.3)
      lumberjack (>= 1.0.2)
      pry (>= 0.9.10)
      thor (>= 0.14.6)
    highline (1.6.21)
    jekyll (1.5.1)
      classifier (~> 1.3)
      colorator (~> 0.1)
      commander (~> 4.1.3)
      liquid (~> 2.5.5)
      listen (~> 1.3)
      maruku (= 0.7.0)
      pygments.rb (~> 0.5.0)
      redcarpet (~> 2.3.0)
      safe_yaml (~> 1.0)
      toml (~> 0.1.0)
    kramdown (1.3.3)
    liquid (2.5.5)
    listen (1.3.1)
      rb-fsevent (>= 0.9.3)
      rb-inotify (>= 0.9)
      rb-kqueue (>= 0.2)
    lumberjack (1.0.6)
    maruku (0.7.0)
    method_source (0.8.2)
    parslet (1.5.0)
      blankslate (~> 2.0)
    posix-spawn (0.3.8)
    pry (0.10.0)
      coderay (~> 1.1.0)
      method_source (~> 0.8.1)
      slop (~> 3.4)
    pry (0.10.0-x86-mingw32)
      coderay (~> 1.1.0)
      method_source (~> 0.8.1)
      slop (~> 3.4)
      win32console (~> 1.3)
    pygments.rb (0.5.4)
      posix-spawn (~> 0.3.6)
      yajl-ruby (~> 1.1.0)
    rb-fsevent (0.9.4)
    rb-inotify (0.9.5)
      ffi (>= 0.5.0)
    rb-kqueue (0.2.3)
      ffi (>= 0.5.0)
    redcarpet (2.3.0)
    safe_yaml (1.0.3)
    sass (3.2.19)
    slop (3.5.0)
    thor (0.19.1)
    toml (0.1.1)
      parslet (~> 1.5.0)
    wdm (0.1.0)
    win32console (1.3.2-x86-mingw32)
    yajl-ruby (1.1.0)
    yajl-ruby (1.1.0-x86-mingw32)

PLATFORMS
  x86-mingw32

DEPENDENCIES
  compass
  guard (>= 1.8.0)
  guard-jekyll-plus!
  jekyll
  kramdown
  rb-fsevent
  sass
  wdm (>= 0.1.0)
